GEM
  remote: http://rubygems.org/
  specs:
    bcrypt (3.1.16)
    pbkdf2 (0.1.0)
    pg (0.16.0)
    sequel (3.34.1)
    veil (0.3.9)
      bcrypt (~> 3.1)
      pbkdf2

PLATFORMS
  ruby

DEPENDENCIES
  pg (~> 0.16.0)
  sequel (~> 3.34.1)
  veil (= 0.3.9)

BUNDLED WITH
   2.0.2
